PATH
  remote: .
  specs:
    tmp_cache (0.1.1)

GEM
  remote: https://rubygems.org/
  specs:
    minitest (4.7.0)
    rake (10.0.4)

PLATFORMS
  java
  ruby

DEPENDENCIES
  bundler (~> 1.3)
  minitest
  rake
  tmp_cache!
